GEM
  remote: https://rubygems.org/
  specs:
    activesupport (7.1.3)
      base64
      bigdecimal
      concurrent-ruby (~> 1.0, >= 1.0.2)
      connection_pool (>= 2.2.5)
      drb
      i18n (>= 1.6, < 2)
      minitest (>= 5.1)
      mutex_m
      tzinfo (~> 2.0)
    addressable (2.8.6)
      public_suffix (>= 2.0.2, < 6.0)
    ast (2.4.2)
    aws-eventstream (1.3.0)
    aws-partitions (1.937.0)
    aws-sdk-core (3.196.1)
      aws-eventstream (~> 1, >= 1.3.0)
      aws-partitions (~> 1, >= 1.651.0)
      aws-sigv4 (~> 1.8)
      jmespath (~> 1, >= 1.6.1)
    aws-sdk-dynamodb (1.111.0)
      aws-sdk-core (~> 3, >= 3.193.0)
      aws-sigv4 (~> 1.1)
    aws-sdk-kms (1.82.0)
      aws-sdk-core (~> 3, >= 3.193.0)
      aws-sigv4 (~> 1.1)
    aws-sdk-s3 (1.151.0)
      aws-sdk-core (~> 3, >= 3.194.0)
      aws-sdk-kms (~> 1)
      aws-sigv4 (~> 1.8)
    aws-sdk-sns (1.75.0)
      aws-sdk-core (~> 3, >= 3.193.0)
      aws-sigv4 (~> 1.1)
    aws-sdk-sqs (1.74.0)
      aws-sdk-core (~> 3, >= 3.193.0)
      aws-sigv4 (~> 1.1)
    aws-sigv4 (1.8.0)
      aws-eventstream (~> 1, >= 1.0.2)
    base64 (0.2.0)
    bigdecimal (3.1.6)
    concurrent-ruby (1.2.3)
    connection_pool (2.4.1)
    crack (0.4.5)
      rexml
    diff-lcs (1.5.1)
    domain_name (0.6.20240107)
    drb (2.2.0)
      ruby2_keywords
    hashdiff (1.1.0)
    http-accept (1.7.0)
    http-cookie (1.0.5)
      domain_name (~> 0.5)
    i18n (1.14.1)
      concurrent-ruby (~> 1.0)
    jmespath (1.6.2)
    json (2.7.1)
    language_server-protocol (3.17.0.3)
    mime-types (3.5.2)
      mime-types-data (~> 3.2015)
    mime-types-data (3.2023.1205)
    minitest (5.21.2)
    money (6.16.0)
      i18n (>= 0.6.4, <= 2)
    mutex_m (0.2.0)
    netrc (0.11.0)
    parallel (1.24.0)
    parser (3.3.0.5)
      ast (~> 2.4.1)
      racc
    public_suffix (5.0.4)
    racc (1.7.3)
    rainbow (3.1.1)
    regexp_parser (2.9.0)
    rest-client (2.1.0)
      http-accept (>= 1.7.0, < 2.0)
      http-cookie (>= 1.0.2, < 2.0)
      mime-types (>= 1.16, < 4.0)
      netrc (~> 0.8)
    rexml (3.2.6)
    rspec (3.13.0)
      rspec-core (~> 3.13.0)
      rspec-expectations (~> 3.13.0)
      rspec-mocks (~> 3.13.0)
    rspec-core (3.13.0)
      rspec-support (~> 3.13.0)
    rspec-expectations (3.13.0)
      diff-lcs (>= 1.2.0, < 2.0)
      rspec-support (~> 3.13.0)
    rspec-mocks (3.13.1)
      diff-lcs (>= 1.2.0, < 2.0)
      rspec-support (~> 3.13.0)
    rspec-support (3.13.1)
    rubocop (1.60.2)
      json (~> 2.3)
      language_server-protocol (>= 3.17.0)
      parallel (~> 1.10)
      parser (>= 3.3.0.2)
      rainbow (>= 2.2.2, < 4.0)
      regexp_parser (>= 1.8, < 3.0)
      rexml (>= 3.2.5, < 4.0)
      rubocop-ast (>= 1.30.0, < 2.0)
      ruby-progressbar (~> 1.7)
      unicode-display_width (>= 2.4.0, < 3.0)
    rubocop-ast (1.30.0)
      parser (>= 3.2.1.0)
    rubocop-capybara (2.20.0)
      rubocop (~> 1.41)
    rubocop-factory_bot (2.25.1)
      rubocop (~> 1.41)
    rubocop-performance (1.20.2)
      rubocop (>= 1.48.1, < 2.0)
      rubocop-ast (>= 1.30.0, < 2.0)
    rubocop-rspec (2.26.1)
      rubocop (~> 1.40)
      rubocop-capybara (~> 2.17)
      rubocop-factory_bot (~> 2.22)
    rubocop-thread_safety (0.5.1)
      rubocop (>= 0.90.0)
    ruby-progressbar (1.13.0)
    ruby2_keywords (0.0.5)
    sentry-ruby (5.16.1)
      concurrent-ruby (~> 1.0, >= 1.0.2)
    tzinfo (2.0.6)
      concurrent-ruby (~> 1.0)
    unicode-display_width (2.5.0)
    webmock (3.19.1)
      addressable (>= 2.8.0)
      crack (>= 0.3.2)
      hashdiff (>= 0.4.0, < 2.0.0)
    zeitwerk (2.6.15)

PLATFORMS
  arm64-darwin-23
  x86_64-darwin-21
  x86_64-darwin-22
  x86_64-darwin-23
  x86_64-linux

DEPENDENCIES
  activesupport
  aws-sdk-dynamodb
  aws-sdk-s3
  aws-sdk-sns
  aws-sdk-sqs
  money
  rest-client
  rspec
  rubocop
  rubocop-performance
  rubocop-rspec
  rubocop-thread_safety
  sentry-ruby
  webmock
  zeitwerk

RUBY VERSION
   ruby 3.3.2p78

BUNDLED WITH
   2.5.11
